PATH
  remote: .
  specs:
    simple-delicious (0.0.1)
      httparty

GEM
  remote: https://rubygems.org/
  specs:
    diff-lcs (1.1.3)
    fakeweb (1.3.0)
    httparty (0.10.0)
      multi_json (~> 1.0)
      multi_xml
    log4r (1.1.10)
    multi_json (1.5.0)
    multi_xml (0.5.2)
    rspec (2.12.0)
      rspec-core (~> 2.12.0)
      rspec-expectations (~> 2.12.0)
      rspec-mocks (~> 2.12.0)
    rspec-core (2.12.2)
    rspec-expectations (2.12.1)
      diff-lcs (~> 1.1.3)
    rspec-mocks (2.12.1)

PLATFORMS
  ruby

DEPENDENCIES
  fakeweb
  log4r
  rspec (~> 2.5)
  simple-delicious!
